GEM
  remote: https://rubygems.org/
  specs:
    backports (3.6.8)
    chronic (0.10.2)
    coffee-script (2.4.1)
      coffee-script-source
      execjs
    coffee-script-source (1.10.0)
    concurrent-ruby (1.0.2)
    execjs (2.7.0)
    multi_json (1.12.1)
    rack (1.6.12)
    rack-protection (1.5.3)
      rack
    rack-test (0.6.3)
      rack (>= 1.0)
    sass (3.4.22)
    sinatra (1.4.7)
      rack (~> 1.5)
      rack-protection (~> 1.4)
      tilt (>= 1.3, < 3)
    sinatra-contrib (1.4.7)
      backports (>= 2.0)
      multi_json
      rack-protection
      rack-test
      sinatra (~> 1.4.0)
      tilt (>= 1.3, < 3)
    sprockets (3.6.0)
      concurrent-ruby (~> 1.0)
      rack (> 1, < 3)
    tilt (2.0.4)

PLATFORMS
  ruby

DEPENDENCIES
  chronic (~> 0.10.2)
  coffee-script (~> 2.4.1)
  rack (~> 1.6.12)
  sass (~> 3.4.22)
  sinatra (~> 1.4.7)
  sinatra-contrib (~> 1.4.7)
  sprockets (~> 3.6.0)

BUNDLED WITH
   1.11.2
