GEM
  remote: https://rubygems.org/
  specs:
    backports (3.6.4)
    chronic (0.9.0)
    coffee-script (2.4.1)
      coffee-script-source
      execjs
    coffee-script-source (1.9.1)
    eventmachine (1.0.7)
    execjs (2.5.2)
    hike (1.2.1)
    multi_json (1.11.0)
    rack (1.4.1)
    rack-protection (1.5.3)
      rack
    rack-test (0.6.3)
      rack (>= 1.0)
    sass (3.2.12)
    sinatra (1.3.3)
      rack (~> 1.3, >= 1.3.6)
      rack-protection (~> 1.2)
      tilt (~> 1.3, >= 1.3.3)
    sinatra-contrib (1.3.2)
      backports (>= 2.0)
      eventmachine
      rack-protection
      rack-test
      sinatra (~> 1.3.0)
      tilt (~> 1.3)
    sprockets (2.8.2)
      hike (~> 1.2)
      multi_json (~> 1.0)
      rack (~> 1.0)
      tilt (~> 1.1, != 1.3.0)
    tilt (1.4.1)

PLATFORMS
  ruby

DEPENDENCIES
  chronic (= 0.9.0)
  coffee-script
  rack (= 1.4.1)
  sass (= 3.2.12)
  sinatra (= 1.3.3)
  sinatra-contrib
  sprockets (= 2.8.2)
